GEM
  remote: https://rubygems.org/
  specs:
    jekyll (4.1.1)
  
PLATFORMS
  ruby

DEPENDENCIES
  jekyll (= 4.1.1)
  jekyll-sitemap
  jekyll-timeago
  jekyll-paginate-v2

BUNDLED WITH
   2.1.4
